GEM
  remote: https://rubygems.org/
  specs:
    byebug (8.2.2)
    coderay (1.1.0)
    dotenv (2.1.0)
    erubis (2.7.0)
    excon (0.47.0)
    faraday (0.9.2)
      multipart-post (>= 1.2, < 3)
    gibbon (2.2.1)
      faraday (>= 0.9.1)
      multi_json (>= 1.11.0)
    git (1.3.0)
    hashdiff (0.2.3)
    heroics (0.0.14)
      erubis (~> 2.7.0)
      excon
      moneta
      multi_json (>= 1.9.2)
      netrc
    heroku_builder (0.1.7)
      git (~> 1.2)
      hashdiff (~> 0.2.2)
      platform-api (~> 0.3.0)
    method_source (0.8.2)
    moneta (0.8.0)
    multi_json (1.11.2)
    multipart-post (2.0.0)
    netrc (0.11.0)
    platform-api (0.3.0)
      heroics (~> 0.0.10)
    pry (0.10.3)
      coderay (~> 1.1.0)
      method_source (~> 0.8.1)
      slop (~> 3.4)
    pry-byebug (3.3.0)
      byebug (~> 8.0)
      pry (~> 0.10)
    rack (1.6.4)
    rack-protection (1.5.3)
      rack
    sinatra (1.4.7)
      rack (~> 1.5)
      rack-protection (~> 1.4)
      tilt (>= 1.3, < 3)
    slop (3.6.0)
    tilt (2.0.2)

PLATFORMS
  ruby

DEPENDENCIES
  dotenv
  gibbon
  heroku_builder
  pry-byebug
  sinatra

BUNDLED WITH
   1.11.2
